GEM
  remote: https://rubygems.org/
  specs:
    diff-lcs (1.2.5)
    rspec (3.1.0)
      rspec-core (~> 3.1.0)
      rspec-expectations (~> 3.1.0)
      rspec-mocks (~> 3.1.0)
    rspec-core (3.1.5)
      rspec-support (~> 3.1.0)
    rspec-expectations (3.1.2)
      diff-lcs (>= 1.2.0, < 2.0)
      rspec-support (~> 3.1.0)
    rspec-its (1.0.1)
      rspec-core (>= 2.99.0.beta1)
      rspec-expectations (>= 2.99.0.beta1)
    rspec-mocks (3.1.2)
      rspec-support (~> 3.1.0)
    rspec-support (3.1.1)

PLATFORMS
  ruby

DEPENDENCIES
  rspec
  rspec-its
